GEM
  remote: http://rubygems.org/
  specs:
    ast (1.1.0)
    blankslate (2.1.2.4)
    edn (1.0.0)
      parslet (~> 1.4.0)
    parser (2.1.4)
      ast (~> 1.1)
      slop (~> 3.4, >= 3.4.5)
    parslet (1.4.0)
      blankslate (~> 2.0)
    powerpack (0.0.9)
    rack (1.5.2)
    rack-protection (1.5.1)
      rack
    rainbow (1.99.1)
    rake (10.1.1)
    rubocop (0.16.0)
      parser (~> 2.1)
      powerpack (~> 0.0.6)
      rainbow (>= 1.1.4)
    sinatra (1.4.4)
      rack (~> 1.4)
      rack-protection (~> 1.4)
      tilt (~> 1.3, >= 1.3.4)
    slop (3.4.7)
    thor (0.18.1)
    tilt (1.4.1)
    torquebox (3.0.1)
      thor (>= 0.14.6)
      torquebox-cache (= 3.0.1)
      torquebox-configure (= 3.0.1)
      torquebox-core (= 3.0.1)
      torquebox-messaging (= 3.0.1)
      torquebox-naming (= 3.0.1)
      torquebox-rake-support (= 3.0.1)
      torquebox-security (= 3.0.1)
      torquebox-stomp (= 3.0.1)
      torquebox-transactions (= 3.0.1)
      torquebox-web (= 3.0.1)
    torquebox-cache (3.0.1-java)
      torquebox-core (= 3.0.1)
      torquebox-transactions (= 3.0.1)
    torquebox-configure (3.0.1-java)
      blankslate (= 2.1.2.4)
    torquebox-core (3.0.1-java)
      edn (= 1.0.0)
    torquebox-messaging (3.0.1-java)
      torquebox-core (= 3.0.1)
      torquebox-transactions (= 3.0.1)
    torquebox-naming (3.0.1-java)
      torquebox-core (= 3.0.1)
    torquebox-rake-support (3.0.1)
      rake (>= 0.8.7)
    torquebox-security (3.0.1-java)
      torquebox-core (= 3.0.1)
    torquebox-server (3.0.1-java)
      torquebox (= 3.0.1)
    torquebox-stomp (3.0.1)
      torquebox-core (= 3.0.1)
      torquebox-messaging (= 3.0.1)
    torquebox-transactions (3.0.1)
      torquebox-core (= 3.0.1)
    torquebox-web (3.0.1-java)

PLATFORMS
  java

DEPENDENCIES
  rubocop
  sinatra
  torquebox-server
